PATH
  remote: .
  specs:
    jyron (0.1)
      activesupport (~> 6.1.3.2)
      jsonpath (~> 1.1.0)
      thor (~> 1.1.0)

GEM
  remote: https://rubygems.org/
  specs:
    activesupport (6.1.3.2)
      concurrent-ruby (~> 1.0, >= 1.0.2)
      i18n (>= 1.6, < 2)
      minitest (>= 5.1)
      tzinfo (~> 2.0)
      zeitwerk (~> 2.3)
    code_statistics (0.2.13)
    concurrent-ruby (1.1.7)
    diff-lcs (1.4.4)
    i18n (1.8.5)
      concurrent-ruby (~> 1.0)
    jsonpath (1.1.0)
      multi_json
    minitest (5.14.2)
    multi_json (1.14.1)
    rake (13.0.1)
    rdoc (6.2.1)
    roodi (5.0.0)
      ruby_parser (~> 3.2, >= 3.2.2)
    rspec (3.9.0)
      rspec-core (~> 3.9.0)
      rspec-expectations (~> 3.9.0)
      rspec-mocks (~> 3.9.0)
    rspec-core (3.9.3)
      rspec-support (~> 3.9.3)
    rspec-expectations (3.9.2)
      diff-lcs (>= 1.2.0, < 2.0)
      rspec-support (~> 3.9.0)
    rspec-mocks (3.9.1)
      diff-lcs (>= 1.2.0, < 2.0)
      rspec-support (~> 3.9.0)
    rspec-support (3.9.3)
    ruby_parser (3.15.0)
      sexp_processor (~> 4.9)
    sexp_processor (4.15.1)
    thor (1.1.0)
    tzinfo (2.0.2)
      concurrent-ruby (~> 1.0)
    yard (0.9.25)
    yard-rspec (0.1)
      yard
    zeitwerk (2.4.0)

PLATFORMS
  ruby

DEPENDENCIES
  code_statistics (~> 0.2.13)
  jyron!
  rake (~> 13.0.1)
  rdoc (~> 6.2.1)
  roodi (~> 5.0.0)
  rspec (~> 3.9.0)
  yard (~> 0.9.24)
  yard-rspec (~> 0.1)

BUNDLED WITH
   2.1.2
