GEM
  remote: http://rubygems.org/
  specs:
    diff-lcs (1.4.4)
    rake (13.0.1)
    rdoc (6.2.1)
    roodi (5.0.0)
      ruby_parser (~> 3.2, >= 3.2.2)
    rspec (3.9.0)
      rspec-core (~> 3.9.0)
      rspec-expectations (~> 3.9.0)
      rspec-mocks (~> 3.9.0)
    rspec-core (3.9.3)
      rspec-support (~> 3.9.3)
    rspec-expectations (3.9.2)
      diff-lcs (>= 1.2.0, < 2.0)
      rspec-support (~> 3.9.0)
    rspec-mocks (3.9.1)
      diff-lcs (>= 1.2.0, < 2.0)
      rspec-support (~> 3.9.0)
    rspec-support (3.9.3)
    ruby_parser (3.15.0)
      sexp_processor (~> 4.9)
    sexp_processor (4.15.1)
    yard (0.9.25)
    yard-rspec (0.1)
      yard

PLATFORMS
  ruby

DEPENDENCIES
  rake
  rdoc
  roodi
  rspec
  yard
  yard-rspec

BUNDLED WITH
   2.1.2
